GEM
  remote: http://rubygems.org/
  specs:
    chunky_png (1.2.6)
    compass (0.12.2)
      chunky_png (~> 1.2)
      fssm (>= 0.2.7)
      sass (~> 3.1)
    foreman (0.61.0)
      thor (>= 0.13.6)
    fssm (0.2.9)
    haml (3.1.7)
    sass (3.2.4)
    sassy-buttons (0.1.4)
      compass (>= 0.12.2)
      sass (>= 3.2.0)
    susy (1.0.5)
      compass (>= 0.12.2)
      sass (>= 3.2.0)
    thor (0.16.0)

PLATFORMS
  ruby

DEPENDENCIES
  compass (~> 0.12.2)
  foreman (~> 0.61.0)
  haml (~> 3.1.7)
  sassy-buttons (~> 0.1.4)
  susy (~> 1.0.5)
